GEM
  remote: https://rubygems.org/
  specs:
    absolute_time (1.0.0)
    coveralls (0.7.0)
      multi_json (~> 1.3)
      rest-client
      simplecov (>= 0.7)
      term-ansicolor
      thor
    docile (1.1.5)
    docopt (0.5.0)
    mime-types (2.3)
    multi_json (1.10.0)
    netrc (0.7.7)
    rest-client (1.7.2)
      mime-types (>= 1.16, < 3.0)
      netrc (~> 0.7)
    simplecov (0.9.0)
      docile (~> 1.1.0)
      multi_json
      simplecov-html (~> 0.8.0)
    simplecov-html (0.8.0)
    state_machine (1.2.0)
    term-ansicolor (1.3.0)
      tins (~> 1.0)
    thor (0.19.1)
    tins (1.3.0)
    yajl-ruby (1.1.0)
    zookeeper (1.4.8)
    zoology (0.1)
      state_machine
      zookeeper

PLATFORMS
  ruby

DEPENDENCIES
  absolute_time
  coveralls
  docopt
  simplecov
  state_machine
  yajl-ruby
  zookeeper
  zoology
